GEM
  remote: https://rubygems.org/
  specs:
    strandom (2.0)

PLATFORMS
  ruby

DEPENDENCIES
  strandom

BUNDLED WITH
   1.12.4
